GEM
  remote: https://rubygems.org/
  specs:
    ffi (1.16.3)
    fiddle (1.1.1)
    get_process_mem (0.2.7)
      ffi (~> 1.0)

PLATFORMS
  x86_64-linux

DEPENDENCIES
  ffi
  fiddle
  get_process_mem (~> 0.2.7)

BUNDLED WITH
   2.4.13
