GEM
  remote: https://rubygems.org/
  specs:
    ffi (1.16.3)
    ffi (1.16.3-java)
    get_process_mem (0.2.7)
      ffi (~> 1.0)

PLATFORMS
  arm64-darwin-22
  universal-java-1.8
  x86_64-linux

DEPENDENCIES
  ffi
  get_process_mem (~> 0.2.7)

BUNDLED WITH
   2.3.27
