GEM
  remote: https://rubygems.org/
  specs:
    ffi (1.15.5)
    fiddle (1.0.6)
    json (2.5.1)

PLATFORMS
  x86_64-linux

DEPENDENCIES
  ffi
  fiddle
  json

BUNDLED WITH
   2.4.13
